GEM
  remote: http://rubygems.org/
  specs:
    builder (3.0.0)
    kramdown (0.13.3)
    rack (1.2.2)
    sinatra (1.2.6)
      rack (~> 1.1)
      tilt (< 2.0, >= 1.2.2)
    slim (0.9.4)
      temple (~> 0.3.0)
      tilt (~> 1.2)
    temple (0.3.0)
    tilt (1.3)

PLATFORMS
  ruby

DEPENDENCIES
  builder
  kramdown
  sinatra
  slim
